GEM
  remote: https://rubygems.org/
  specs:
    marky_markov (0.3.5)
      msgpack
    msgpack (1.6.0)

PLATFORMS
  x86_64-darwin-21
  x86_64-linux

DEPENDENCIES
  marky_markov

RUBY VERSION
   ruby 3.1.2p20

BUNDLED WITH
   2.3.11
